GEM
  remote: http://rubygems.org/
  specs:
    coderay (1.0.6)
    metaclass (0.0.1)
    method_source (0.7.1)
    mocha (0.11.4)
      metaclass (~> 0.0.1)
    pry (0.9.9.4)
      coderay (~> 1.0.5)
      method_source (~> 0.7.1)
      slop (>= 2.4.4, < 3)
    ruby-oci8 (2.1.2)
    shoulda (3.0.1)
      shoulda-context (~> 1.0.0)
      shoulda-matchers (~> 1.0.0)
    shoulda-context (1.0.0)
    shoulda-matchers (1.0.0)
    slop (2.4.4)

PLATFORMS
  ruby

DEPENDENCIES
  mocha
  pry
  ruby-oci8
  shoulda
