GEM
  remote: http://rubygems.org/
  specs:
    coderay (1.0.6)
    git (1.2.5)
    jeweler (1.8.3)
      bundler (~> 1.0)
      git (>= 1.2.5)
      rake
      rdoc
    json (1.6.6)
    metaclass (0.0.1)
    method_source (0.7.1)
    mocha (0.10.5)
      metaclass (~> 0.0.1)
    pry (0.9.8.4)
      coderay (~> 1.0.5)
      method_source (~> 0.7.1)
      slop (>= 2.4.4, < 3)
    rake (0.9.2.2)
    rdoc (3.12)
      json (~> 1.4)
    ruby-oci8 (2.1.0)
    shoulda (3.0.1)
      shoulda-context (~> 1.0.0)
      shoulda-matchers (~> 1.0.0)
    shoulda-context (1.0.0)
    shoulda-matchers (1.0.0)
    slop (2.4.4)

PLATFORMS
  ruby

DEPENDENCIES
  jeweler
  mocha
  pry
  ruby-oci8
  shoulda
